GEM
  remote: https://rubygems.org/
  specs:
    clockworksms (1.2.1)
      faraday (~> 0.8)
      nokogiri (~> 1.5.2)
    faraday (0.9.1)
      multipart-post (>= 1.2, < 3)
    multipart-post (2.0.0)
    nokogiri (1.5.11)

PLATFORMS
  ruby

DEPENDENCIES
  clockworksms

BUNDLED WITH
   1.10.6
